GEM
  remote: http://rubygems.org/
  specs:
    activerecord (2.3.18)
      activesupport (= 2.3.18)
    activesupport (2.3.18)
    database_cleaner (1.0.1)
    factory_girl (2.6.4)
      activesupport (>= 2.3.9)
    nested_exceptions (1.0.1)
    rake (10.0.4)
    rspec (1.3.2)
    sqlite3 (1.3.7)

PLATFORMS
  ruby

DEPENDENCIES
  activerecord (= 2.3.18)
  activesupport (= 2.3.18)
  database_cleaner
  factory_girl (~> 2.6.4)
  nested_exceptions
  rake
  rspec (= 1.3.2)
  sqlite3
